PATH
  remote: .
  specs:
    chart_blocks_api (0.1.0)

GEM
  remote: https://rubygems.org/
  specs:
    faraday (0.15.3)
      multipart-post (>= 1.2, < 3)
    minitest (5.11.3)
    multipart-post (2.0.0)
    rake (10.5.0)

PLATFORMS
  ruby

DEPENDENCIES
  bundler (~> 1.16)
  chart_blocks_api!
  faraday (~> 0.15)
  minitest (~> 5.0)
  rake (~> 10.0)

BUNDLED WITH
   1.16.0
